GEM
  remote: http://rubygems.org/
  specs:
    diff-lcs (1.1.2)
    gherkin (2.3.8)
      json (>= 1.4.6)
    haml (3.1.1)
    json (1.4.6)
    rake (0.8.7)
    rcov (0.9.9)
    rspec (2.5.0)
      rspec-core (~> 2.5.0)
      rspec-expectations (~> 2.5.0)
      rspec-mocks (~> 2.5.0)
    rspec-core (2.5.1)
    rspec-expectations (2.5.0)
      diff-lcs (~> 1.1.2)
    rspec-mocks (2.5.0)

PLATFORMS
  ruby

DEPENDENCIES
  gherkin (~> 2.3)
  haml (> 2.0.0)
  rake
  rcov (~> 0.9.9)
  rspec (~> 2.5.0)
