GEM
  remote: http://rubygems.org/
  specs:
    diff-lcs (1.1.3)
    gherkin (2.7.6)
      json (>= 1.4.6)
    json (1.6.5)
    rake (0.9.2.2)
    rcov (0.9.11)
    rspec (2.8.0)
      rspec-core (~> 2.8.0)
      rspec-expectations (~> 2.8.0)
      rspec-mocks (~> 2.8.0)
    rspec-core (2.8.0)
    rspec-expectations (2.8.0)
      diff-lcs (~> 1.1.2)
    rspec-mocks (2.8.0)
    sass (3.1.13)

PLATFORMS
  ruby

DEPENDENCIES
  bundler (> 1.0)
  gherkin (> 2.3)
  rake
  rcov (~> 0.9.9)
  rspec (> 2.5)
  sass (> 3.1)
