PATH
  remote: .
  specs:
    stepdown (3.0.0)
      bundler (~> 1.0)
      gherkin (~> 3.2.0)

GEM
  remote: https://rubygems.org/
  specs:
    bump (0.5.3)
    coderay (1.1.1)
    diff-lcs (1.2.5)
    gherkin (3.2.0)
    method_source (0.8.2)
    pry (0.10.4)
      coderay (~> 1.1.0)
      method_source (~> 0.8.1)
      slop (~> 3.4)
    rake (11.2.2)
    rspec (2.99.0)
      rspec-core (~> 2.99.0)
      rspec-expectations (~> 2.99.0)
      rspec-mocks (~> 2.99.0)
    rspec-core (2.99.2)
    rspec-expectations (2.99.2)
      diff-lcs (>= 1.1.3, < 2.0)
    rspec-mocks (2.99.4)
    sass (3.4.22)
    slop (3.6.0)

PLATFORMS
  ruby
  x86-mingw32

DEPENDENCIES
  bump (~> 0.5)
  pry (~> 0.10)
  rake (~> 11.2)
  rspec (~> 2.5)
  sass (~> 3.1)
  stepdown!

BUNDLED WITH
   1.12.5
