GEM
  remote: http://rubygems.org/
  specs:
    diff-lcs (1.1.2)
    haml (2.0.10)
    rake (0.8.7)
    rspec (2.5.0)
      rspec-core (~> 2.5.0)
      rspec-expectations (~> 2.5.0)
      rspec-mocks (~> 2.5.0)
    rspec-core (2.5.1)
    rspec-expectations (2.5.0)
      diff-lcs (~> 1.1.2)
    rspec-mocks (2.5.0)

PLATFORMS
  java
  ruby

DEPENDENCIES
  haml (> 2.0.0)
  rake
  rspec (~> 2.5.0)
