PATH
  remote: .
  specs:
    stepdown (1.0.1)
      bundler (~> 1.0)
      gherkin (~> 2.3)

GEM
  remote: https://rubygems.org/
  specs:
    coderay (1.0.8)
    diff-lcs (1.2.4)
    gherkin (2.12.1)
      multi_json (~> 1.3)
    method_source (0.8.1)
    multi_json (1.7.9)
    pry (0.9.10)
      coderay (~> 1.0.5)
      method_source (~> 0.8)
      slop (~> 3.3.1)
    rake (10.0.3)
    rspec (2.14.1)
      rspec-core (~> 2.14.0)
      rspec-expectations (~> 2.14.0)
      rspec-mocks (~> 2.14.0)
    rspec-core (2.14.5)
    rspec-expectations (2.14.1)
      diff-lcs (>= 1.1.3, < 2.0)
    rspec-mocks (2.14.3)
    sass (3.2.5)
    slop (3.3.3)

PLATFORMS
  ruby

DEPENDENCIES
  pry (~> 0.9)
  rake (~> 10.0)
  rspec (~> 2.5)
  sass (~> 3.1)
  stepdown!
